GEM
  remote: https://rubygems.org/
  specs:
    addressable (2.5.0)
      public_suffix (~> 2.0, >= 2.0.2)
    ast (2.3.0)
    builder (3.2.3)
    byebug (9.0.6)
    coderay (1.1.1)
    crack (0.1.8)
    cucumber (2.4.0)
      builder (>= 2.1.2)
      cucumber-core (~> 1.5.0)
      cucumber-wire (~> 0.0.1)
      diff-lcs (>= 1.1.3)
      gherkin (~> 4.0)
      multi_json (>= 1.7.5, < 2.0)
      multi_test (>= 0.1.2)
    cucumber-core (1.5.0)
      gherkin (~> 4.0)
    cucumber-wire (0.0.1)
    diff-lcs (1.3)
    fakeweb (1.3.0)
    faraday (0.11.0)
      multipart-post (>= 1.2, < 3)
    gherkin (4.1.3)
    git-version-bump (0.15.1)
    hashie (2.1.2)
    httparty (0.11.0)
      multi_json (~> 1.0)
      multi_xml (>= 0.5.2)
    jiralicious (0.5.0)
      crack (~> 0.1.8)
      hashie (>= 1.1, < 3.0.0)
      httparty (>= 0.10, < 0.12.0)
      json (>= 1.6, < 1.9.0)
      nokogiri (< 1.6)
      oauth
    json (1.8.6)
    method_source (0.8.2)
    multi_json (1.12.1)
    multi_test (0.1.2)
    multi_xml (0.6.0)
    multipart-post (2.0.0)
    nokogiri (1.5.11)
    oauth (0.5.1)
    octokit (4.6.2)
      sawyer (~> 0.8.0, >= 0.5.3)
    parser (2.4.0.0)
      ast (~> 2.2)
    powerpack (0.1.1)
    pry (0.10.4)
      coderay (~> 1.1.0)
      method_source (~> 0.8.1)
      slop (~> 3.4)
    pry-byebug (3.4.2)
      byebug (~> 9.0)
      pry (~> 0.10)
    public_suffix (2.0.5)
    rack (1.6.5)
    rack-contrib (1.4.0)
      git-version-bump (~> 0.15)
      rack (~> 1.4)
    rack-protection (1.5.3)
      rack
    rack-test (0.6.3)
      rack (>= 1.0)
    rainbow (2.2.1)
    rubocop (0.47.1)
      parser (>= 2.3.3.1, < 3.0)
      powerpack (~> 0.1)
      rainbow (>= 1.99.1, < 3.0)
      ruby-progressbar (~> 1.7)
      unicode-display_width (~> 1.0, >= 1.0.1)
    ruby-progressbar (1.8.1)
    sawyer (0.8.1)
      addressable (>= 2.3.5, < 2.6)
      faraday (~> 0.8, < 1.0)
    sinatra (1.4.8)
      rack (~> 1.5)
      rack-protection (~> 1.4)
      tilt (>= 1.3, < 3)
    slop (3.6.0)
    tilt (2.0.6)
    unicode-display_width (1.1.3)

PLATFORMS
  ruby

DEPENDENCIES
  cucumber
  fakeweb
  jiralicious
  multi_json
  oauth
  octokit
  pry-byebug
  rack-contrib
  rack-test
  rubocop
  sinatra

RUBY VERSION
   ruby 2.3.1p112

BUNDLED WITH
   1.15.0
