GEM
  remote: https://rubygems.org/
  specs:
    multi_json (1.12.1)
    oauth (0.5.1)
    rack (1.6.5)
    rack-protection (1.5.3)
      rack
    sinatra (1.4.8)
      rack (~> 1.5)
      rack-protection (~> 1.4)
      tilt (>= 1.3, < 3)
    tilt (2.0.6)

PLATFORMS
  ruby

DEPENDENCIES
  multi_json
  oauth
  sinatra

BUNDLED WITH
   1.14.3
